GEM
  remote: https://rubygems.org/
  specs:
    rake (12.0.0)
    swagger-blocks (1.3.4)

PLATFORMS
  ruby

DEPENDENCIES
  rake (~> 12.0.0)
  swagger-blocks (~> 1.3.4)

BUNDLED WITH
   1.13.6
